GIT
  remote: git://github.com/twe4ked/opengraph.git
  revision: f9aba8180f4b872f30e29c58ff27606f13d5057c
  specs:
    opengraph (0.0.4)
      hashie
      nokogiri (~> 1.6.0)
      rest-client (~> 1.6.0)

GEM
  remote: https://rubygems.org/
  specs:
    haml (4.0.6)
      tilt
    hashie (3.4.1)
    httparty (0.11.0)
      multi_json (~> 1.0)
      multi_xml (>= 0.5.2)
    mime-types (1.25.1)
    mini_portile (0.6.2)
    multi_json (1.11.0)
    multi_xml (0.5.5)
    nokogiri (1.6.6.2)
      mini_portile (~> 0.6.0)
    pinboard (0.1.1)
      httparty (= 0.11.0)
    rack (1.6.1)
    rdoc (4.2.0)
    rest-client (1.6.8)
      mime-types (~> 1.16)
      rdoc (>= 2.4.2)
    roda (2.3.0)
      rack
    sass (3.4.13)
    shotgun (0.9.1)
      rack (>= 1.0)
    tilt (2.0.1)

PLATFORMS
  ruby

DEPENDENCIES
  haml
  opengraph!
  pinboard
  roda
  sass
  shotgun
  tilt
